GEM
  remote: https://rubygems.org/
  specs:
    colorize (0.8.1)
    puma (3.6.0)
    rack (2.0.1)

PLATFORMS
  ruby

DEPENDENCIES
  colorize
  puma
  rack

BUNDLED WITH
   1.12.5
